{
  "PowerLineFrequency": 60,
  "TaskName": "nback",
  "EEGChannelCount": 64,
  "EEGReference": "EXG5 EXG6 ",
  "RecordingType": "continuous",
  "RecordingDuration": 1926.1796875,
  "SamplingFrequency": 128,
  "EOGChannelCount": 0,
  "ECGChannelCount": 0,
  "EMGChannelCount": 0,
  "SoftwareFilters": "n/a",
  "MISCChannelCount": 0,
  "TriggerChannelCount": 0,
  "EEGPlacementScheme": "10-10"
}
